GEM
  remote: https://rubygems.org/
  specs:
    coderay (1.1.3)
    method_source (1.0.0)
    nio4r (2.5.8)
    pry (0.14.1)
      coderay (~> 1.1)
      method_source (~> 1.0)
    puma (6.0.0)
      nio4r (~> 2.0)
    rack (2.2.4)

PLATFORMS
  x86_64-linux

DEPENDENCIES
  pry
  puma (~> 6.0.0)
  rack (~> 2.2.3)

RUBY VERSION
   ruby 3.1.2p20

BUNDLED WITH
   2.3.25
