GEM
  remote: https://rubygems.org/
  specs:
    rack (3.0.0)

PLATFORMS
  x86_64-linux

DEPENDENCIES
  rack (~> 3.0)

RUBY VERSION
   ruby 2.7.0p0

BUNDLED WITH
   2.3.25
